GEM
  remote: https://rubygems.org/
  specs:
    alsa-rawmidi (0.3.1)
      ffi (~> 1.0)
    ffi (1.9.6-java)
    ffi-coremidi (0.3.7)
      ffi (~> 1.9, >= 1.9.6)
    midi-jruby (0.1.4)
    midi-winmm (0.1.10)
      ffi (>= 1.0)
    shoes (3.0.1)
    unimidi (0.4.6)
      alsa-rawmidi (~> 0.3, >= 0.3.1)
      ffi-coremidi (~> 0.3, >= 0.3.5)
      midi-jruby (~> 0.1, >= 0.1.4)
      midi-winmm (~> 0.1, >= 0.1.10)

PLATFORMS
  java

DEPENDENCIES
  shoes
  unimidi
